GEM
  remote: http://rubygems.org/
  specs:
    filesize (0.0.2)
    git (1.2.5)
    jeweler (1.6.4)
      bundler (~> 1.0)
      git (>= 1.2.5)
      rake
    rake (0.9.2)
    rcov (0.9.10)
    shoulda (2.11.3)

PLATFORMS
  ruby

DEPENDENCIES
  bundler (~> 1.0.0)
  filesize
  jeweler (~> 1.6.4)
  rcov
  shoulda
